PATH
  remote: .
  specs:
    resume_exporter (0.0.1)
      builder (~> 3.2)
      commander (~> 4.4)
      nokogiri (~> 1.6)
      ruby_dig
      tilt
      tilt-jbuilder
      yajl-ruby

GEM
  remote: https://rubygems.org/
  specs:
    activesupport (5.0.1)
      concurrent-ruby (~> 1.0, >= 1.0.2)
      i18n (~> 0.7)
      minitest (~> 5.1)
      tzinfo (~> 1.1)
    builder (3.2.3)
    byebug (9.0.6)
    commander (4.4.3)
      highline (~> 1.7.2)
    concurrent-ruby (1.0.4)
    diff-lcs (1.2.5)
    highline (1.7.8)
    i18n (0.8.0)
    jbuilder (2.6.1)
      activesupport (>= 3.0.0, < 5.1)
      multi_json (~> 1.2)
    mini_portile2 (2.1.0)
    minitest (5.10.1)
    multi_json (1.12.1)
    nokogiri (1.7.0.1)
      mini_portile2 (~> 2.1.0)
    rake (11.3.0)
    rspec (3.5.0)
      rspec-core (~> 3.5.0)
      rspec-expectations (~> 3.5.0)
      rspec-mocks (~> 3.5.0)
    rspec-core (3.5.4)
      rspec-support (~> 3.5.0)
    rspec-expectations (3.5.0)
      diff-lcs (>= 1.2.0, < 2.0)
      rspec-support (~> 3.5.0)
    rspec-mocks (3.5.0)
      diff-lcs (>= 1.2.0, < 2.0)
      rspec-support (~> 3.5.0)
    rspec-support (3.5.0)
    ruby_dig (0.0.2)
    thread_safe (0.3.5)
    tilt (2.0.6)
    tilt-jbuilder (0.7.1)
      jbuilder
      tilt (>= 1.3.0, < 3)
    tzinfo (1.2.2)
      thread_safe (~> 0.1)
    yajl-ruby (1.3.0)

PLATFORMS
  ruby

DEPENDENCIES
  byebug (~> 9.0)
  rake (~> 11.3)
  resume_exporter!
  rspec (~> 3.5)

BUNDLED WITH
   1.13.7
