PATH
  remote: .
  specs:
    resume_exporter (0.0.1)
      builder (~> 3.2)
      commander (~> 4.4)
      nokogiri (~> 1.6)

GEM
  remote: https://rubygems.org/
  specs:
    builder (3.2.2)
    byebug (9.0.6)
    commander (4.4.3)
      highline (~> 1.7.2)
    diff-lcs (1.2.5)
    highline (1.7.8)
    mini_portile2 (2.1.0)
    nokogiri (1.7.0.1)
      mini_portile2 (~> 2.1.0)
    rake (11.3.0)
    rspec (3.5.0)
      rspec-core (~> 3.5.0)
      rspec-expectations (~> 3.5.0)
      rspec-mocks (~> 3.5.0)
    rspec-core (3.5.4)
      rspec-support (~> 3.5.0)
    rspec-expectations (3.5.0)
      diff-lcs (>= 1.2.0, < 2.0)
      rspec-support (~> 3.5.0)
    rspec-mocks (3.5.0)
      diff-lcs (>= 1.2.0, < 2.0)
      rspec-support (~> 3.5.0)
    rspec-support (3.5.0)

PLATFORMS
  ruby

DEPENDENCIES
  byebug (~> 9.0)
  rake (~> 11.3)
  resume_exporter!
  rspec (~> 3.5)

BUNDLED WITH
   1.13.7
