PATH
  remote: .
  specs:
    resume_exporter (1.1.1)
      builder (~> 3.2)
      caracal (~> 1.0)
      commander (~> 4.4)
      liquid (~> 4.0)
      nokogiri (~> 1.6)
      pdfkit (~> 0.8)
      ruby_dig (~> 0.0.2)
      safe_yaml (~> 1.0)
      tilt (~> 2.0)
      tilt-jbuilder (~> 0.7)
      wkhtmltopdf-binary (~> 0.12)
      yajl-ruby (~> 1.3)

GEM
  remote: https://rubygems.org/
  specs:
    activesupport (5.0.2)
      concurrent-ruby (~> 1.0, >= 1.0.2)
      i18n (~> 0.7)
      minitest (~> 5.1)
      tzinfo (~> 1.1)
    builder (3.2.3)
    byebug (9.0.6)
    caracal (1.0.8)
      nokogiri (~> 1.6)
      rubyzip (~> 1.1)
      tilt (>= 1.4)
    commander (4.4.3)
      highline (~> 1.7.2)
    concurrent-ruby (1.0.5)
    diff-lcs (1.3)
    highline (1.7.8)
    i18n (0.8.1)
    jbuilder (2.6.3)
      activesupport (>= 3.0.0, < 5.2)
      multi_json (~> 1.2)
    liquid (4.0.0)
    mini_portile2 (2.1.0)
    minitest (5.10.1)
    multi_json (1.12.1)
    nokogiri (1.7.1)
      mini_portile2 (~> 2.1.0)
    pdfkit (0.8.2)
    rake (11.3.0)
    rspec (3.5.0)
      rspec-core (~> 3.5.0)
      rspec-expectations (~> 3.5.0)
      rspec-mocks (~> 3.5.0)
    rspec-core (3.5.4)
      rspec-support (~> 3.5.0)
    rspec-expectations (3.5.0)
      diff-lcs (>= 1.2.0, < 2.0)
      rspec-support (~> 3.5.0)
    rspec-mocks (3.5.0)
      diff-lcs (>= 1.2.0, < 2.0)
      rspec-support (~> 3.5.0)
    rspec-support (3.5.0)
    ruby_dig (0.0.2)
    rubyzip (1.2.1)
    safe_yaml (1.0.4)
    thread_safe (0.3.6)
    tilt (2.0.7)
    tilt-jbuilder (0.7.1)
      jbuilder
      tilt (>= 1.3.0, < 3)
    tzinfo (1.2.3)
      thread_safe (~> 0.1)
    wkhtmltopdf-binary (0.12.3.1)
    yajl-ruby (1.3.0)

PLATFORMS
  ruby

DEPENDENCIES
  byebug (~> 9.0)
  rake (~> 11.3)
  resume_exporter!
  rspec (~> 3.5)

BUNDLED WITH
   1.13.7
